GEM
  remote: https://rubygems.org/
  specs:
    et-orbi (1.0.5)
      tzinfo
    ffi (1.9.18)
    listen (3.1.5)
      rb-fsevent (~> 0.9, >= 0.9.4)
      rb-inotify (~> 0.9, >= 0.9.7)
      ruby_dep (~> 1.2)
    puma (3.9.1)
    rack (2.0.3)
    rb-fsevent (0.10.2)
    rb-inotify (0.9.10)
      ffi (>= 0.5.0, < 2)
    relative_time (1.0.0)
    roda (2.27.0)
      rack
    ruby_dep (1.5.0)
    rufus-scheduler (3.4.2)
      et-orbi (~> 1.0)
    thread_safe (0.3.6)
    tilt (2.0.7)
    tzinfo (1.2.3)
      thread_safe (~> 0.1)

PLATFORMS
  ruby

DEPENDENCIES
  listen (~> 3.1)
  puma (~> 3.9)
  relative_time (~> 1.0)
  roda (~> 2.27)
  rufus-scheduler (~> 3.4)
  tilt (~> 2.0)

BUNDLED WITH
   1.15.1
